GEM
  remote: https://rubygems.org/
  specs:
    httparty (0.16.2)
      multi_xml (>= 0.5.2)
    multi_xml (0.6.0)
    net-http-digest_auth (1.4.1)
    rack (2.0.4)

PLATFORMS
  ruby

DEPENDENCIES
  httparty
  net-http-digest_auth
  rack

BUNDLED WITH
   1.16.1
